PATH
  remote: .
  specs:
    friendly_fk (1.0.25)
      activerecord

GEM
  remote: https://rubygems.org/
  specs:
    activemodel (7.1.3.4)
      activesupport (= 7.1.3.4)
    activerecord (7.1.3.4)
      activemodel (= 7.1.3.4)
      activesupport (= 7.1.3.4)
      timeout (>= 0.4.0)
    activesupport (7.1.3.4)
      base64
      bigdecimal
      concurrent-ruby (~> 1.0, >= 1.0.2)
      connection_pool (>= 2.2.5)
      drb
      i18n (>= 1.6, < 2)
      minitest (>= 5.1)
      mutex_m
      tzinfo (~> 2.0)
    ast (2.4.2)
    base64 (0.2.0)
    bigdecimal (3.1.8)
    bundler-audit (0.9.1)
      bundler (>= 1.2.0, < 3)
      thor (~> 1.0)
    concurrent-ruby (1.3.3)
    connection_pool (2.4.1)
    diff-lcs (1.5.1)
    docile (1.4.0)
    drb (2.2.1)
    fuubar (2.5.1)
      rspec-core (~> 3.0)
      ruby-progressbar (~> 1.4)
    i18n (1.14.5)
      concurrent-ruby (~> 1.0)
    json (2.7.2)
    language_server-protocol (3.17.0.3)
    minitest (5.23.1)
    mutex_m (0.2.0)
    mysql2 (0.5.6)
    parallel (1.25.1)
    parser (3.3.2.0)
      ast (~> 2.4.1)
      racc
    pg (1.5.6)
    racc (1.8.0)
    rack (3.1.0)
    rainbow (3.1.1)
    rake (13.2.1)
    regexp_parser (2.9.2)
    rexml (3.3.0)
      strscan
    rspec (3.13.0)
      rspec-core (~> 3.13.0)
      rspec-expectations (~> 3.13.0)
      rspec-mocks (~> 3.13.0)
    rspec-core (3.13.0)
      rspec-support (~> 3.13.0)
    rspec-expectations (3.13.0)
      diff-lcs (>= 1.2.0, < 2.0)
      rspec-support (~> 3.13.0)
    rspec-mocks (3.13.1)
      diff-lcs (>= 1.2.0, < 2.0)
      rspec-support (~> 3.13.0)
    rspec-support (3.13.1)
    rubocop (1.64.1)
      json (~> 2.3)
      language_server-protocol (>= 3.17.0)
      parallel (~> 1.10)
      parser (>= 3.3.0.2)
      rainbow (>= 2.2.2, < 4.0)
      regexp_parser (>= 1.8, < 3.0)
      rexml (>= 3.2.5, < 4.0)
      rubocop-ast (>= 1.31.1, < 2.0)
      ruby-progressbar (~> 1.7)
      unicode-display_width (>= 2.4.0, < 3.0)
    rubocop-ast (1.31.3)
      parser (>= 3.3.1.0)
    rubocop-capybara (2.21.0)
      rubocop (~> 1.41)
    rubocop-factory_bot (2.26.0)
      rubocop (~> 1.41)
    rubocop-performance (1.21.0)
      rubocop (>= 1.48.1, < 2.0)
      rubocop-ast (>= 1.31.1, < 2.0)
    rubocop-rails (2.25.0)
      activesupport (>= 4.2.0)
      rack (>= 1.1)
      rubocop (>= 1.33.0, < 2.0)
      rubocop-ast (>= 1.31.1, < 2.0)
    rubocop-rake (0.6.0)
      rubocop (~> 1.0)
    rubocop-rspec (2.31.0)
      rubocop (~> 1.40)
      rubocop-capybara (~> 2.17)
      rubocop-factory_bot (~> 2.22)
      rubocop-rspec_rails (~> 2.28)
    rubocop-rspec_rails (2.29.0)
      rubocop (~> 1.40)
    ruby-progressbar (1.13.0)
    simplecov (0.22.0)
      docile (~> 1.1)
      simplecov-html (~> 0.11)
      simplecov_json_formatter (~> 0.1)
    simplecov-html (0.12.3)
    simplecov-rcov (0.3.7)
      simplecov (>= 0.4.1)
    simplecov_json_formatter (0.1.4)
    strscan (3.1.0)
    thor (1.3.1)
    timeout (0.4.1)
    tzinfo (2.0.6)
      concurrent-ruby (~> 1.0)
    unicode-display_width (2.5.0)

PLATFORMS
  x86_64-linux

DEPENDENCIES
  bundler
  bundler-audit
  friendly_fk!
  fuubar
  mysql2
  pg
  rake
  rspec
  rubocop
  rubocop-performance
  rubocop-rails
  rubocop-rake
  rubocop-rspec
  simplecov
  simplecov-rcov

BUNDLED WITH
   2.4.12
